GIT
  remote: https://github.com/shiladitya-bits/grpc-commons
  revision: a93cff4f240ad7365c473e531be864adc12caf35
  branch: master
  specs:
    grpc-commons (0.1)
      grpc
      statsd-instrument
      stoplight

GIT
  remote: https://github.com/shiladitya-bits/snip
  revision: 6000f9be86678a1dbf088d326a9f6e087747f8c7
  branch: master
  specs:
    snip (0.1.1)
      grpc
      grpc-commons

GEM
  remote: https://rubygems.org/
  specs:
    addressable (2.5.1)
      public_suffix (~> 2.0, >= 2.0.2)
    concurrent-ruby (1.0.5)
    faraday (0.12.1)
      multipart-post (>= 1.2, < 3)
    google-protobuf (3.2.0.2)
    googleauth (0.5.1)
      faraday (~> 0.9)
      jwt (~> 1.4)
      logging (~> 2.0)
      memoist (~> 0.12)
      multi_json (~> 1.11)
      os (~> 0.9)
      signet (~> 0.7)
    grpc (1.2.5)
      google-protobuf (~> 3.1)
      googleauth (~> 0.5.1)
    jwt (1.5.6)
    little-plugger (1.1.4)
    logging (2.2.2)
      little-plugger (~> 1.1)
      multi_json (~> 1.10)
    memoist (0.15.0)
    multi_json (1.12.1)
    multipart-post (2.0.0)
    os (0.9.6)
    public_suffix (2.0.5)
    signet (0.7.3)
      addressable (~> 2.3)
      faraday (~> 0.9)
      jwt (~> 1.5)
      multi_json (~> 1.10)
    statsd-instrument (2.1.2)
    stoplight (2.1.0)
      concurrent-ruby (~> 1.0)

PLATFORMS
  ruby

DEPENDENCIES
  grpc (~> 1.0)
  grpc-commons!
  snip!

BUNDLED WITH
   1.14.6
